GIT
  remote: git@github.com:hw-labs/sparkle-pack-sensu-enterprise.git
  revision: 38f4d2ec7fbe3e7fc411935354f993080640699e
  specs:
    sparkle-pack-sensu-enterprise (0.1.0)

GEM
  remote: https://rubygems.org/
  specs:
    addressable (2.4.0)
    attribute_struct (0.3.4)
      bogo (>= 0.1.31, < 0.3.0)
    aws-sdk-core (2.2.36)
      jmespath (~> 1.0)
    bogo (0.2.4)
      hashie
      multi_json
    bogo-cli (0.2.6)
      bogo (>= 0.1.6, < 0.6)
      bogo-config (>= 0.1.15, < 0.5)
      bogo-ui
      slop (~> 3)
    bogo-config (0.2.2)
      attribute_struct
      bogo (>= 0.1.4, < 1.0)
      multi_json
      multi_xml
    bogo-ui (0.1.16)
      bogo
      command_line_reporter
      paint
    colored (1.2)
    command_line_reporter (3.3.6)
      colored (>= 1.2)
    domain_name (0.5.20160310)
      unf (>= 0.0.5, < 1.0.0)
    graph (2.8.1)
    hashdiff (0.2.3)
    hashie (3.4.3)
    http (1.0.4)
      addressable (~> 2.3)
      http-cookie (~> 1.0)
      http-form_data (~> 1.0.1)
      http_parser.rb (~> 0.6.0)
    http-cookie (1.0.2)
      domain_name (~> 0.5)
    http-form_data (1.0.1)
    http_parser.rb (0.6.0)
    jmespath (1.2.4)
      json_pure (>= 1.8.1)
    json_pure (1.8.3)
    miasma (0.3.2)
      bogo (>= 0.2.2, < 1.0)
      http (>= 0.8.12, < 1.1)
      multi_json
      multi_xml
      xml-simple
    miasma-aws (0.3.4)
      miasma (>= 0.3.1, < 0.5)
    miasma-azure (0.1.4)
    miasma-open-stack (0.1.4)
    miasma-rackspace (0.1.2)
      miasma-open-stack
    multi_json (1.11.3)
    multi_xml (0.5.5)
    net-ssh (3.1.1)
    paint (1.0.1)
    sfn (2.2.0)
      bogo-cli (>= 0.2.5, < 0.4)
      bogo-ui (>= 0.1.13, < 0.4)
      graph (~> 2.8.1)
      hashdiff (~> 0.2.2)
      miasma (>= 0.3.0, < 0.4)
      miasma-aws (>= 0.3.0, < 0.4)
      miasma-azure (>= 0.1.0, < 0.3)
      miasma-open-stack (>= 0.1.0, < 0.3)
      miasma-rackspace (>= 0.1.0, < 0.3)
      net-ssh
      sparkle_formation (>= 2.1.2, < 3)
    slop (3.6.0)
    sparkle-pack-aws-amis (0.1.0)
      sparkle_formation
    sparkle-pack-aws-availability-zones (0.1.2)
      aws-sdk-core (~> 2.2)
    sparkle-pack-aws-vpc (0.1.6)
      sparkle-pack-aws-availability-zones
    sparkle_formation (2.1.8)
      attribute_struct (>= 0.3.0, < 0.5)
      bogo
      multi_json
    unf (0.1.4)
      unf_ext
    unf_ext (0.0.7.2)
    xml-simple (1.1.5)

PLATFORMS
  ruby

DEPENDENCIES
  sfn (~> 2.0)
  sparkle-pack-aws-amis (~> 0.1.0)
  sparkle-pack-aws-vpc (~> 0.1.6)
  sparkle-pack-sensu-enterprise!

BUNDLED WITH
   1.10.6
